GEM
  remote: https://rubygems.org/
  specs:
    colorize (0.7.3)
    pg (0.17.1)

PLATFORMS
  ruby

DEPENDENCIES
  colorize (= 0.7.3)
  pg (= 0.17.1)
